GEM
  remote: https://rubygems.org/
  specs:
    coderay (1.1.3)
    daemons (1.4.1)
    eventmachine (1.2.7)
    method_source (1.0.0)
    multi_json (1.15.0)
    mustermann (3.0.0)
      ruby2_keywords (~> 0.0.1)
    pry (0.14.1)
      coderay (~> 1.1)
      method_source (~> 1.0)
    rack (2.2.6.3)
    rack-protection (3.0.4)
      rack
    ruby2_keywords (0.0.5)
    sinatra (3.0.4)
      mustermann (~> 3.0)
      rack (~> 2.2, >= 2.2.4)
      rack-protection (= 3.0.4)
      tilt (~> 2.0)
    sinatra-contrib (3.0.4)
      multi_json
      mustermann (~> 3.0)
      rack-protection (= 3.0.4)
      sinatra (= 3.0.4)
      tilt (~> 2.0)
    thin (1.8.1)
      daemons (~> 1.0, >= 1.0.9)
      eventmachine (~> 1.0, >= 1.0.4)
      rack (>= 1, < 3)
    tilt (2.0.11)

PLATFORMS
  aarch64-linux
  x86_64-linux

DEPENDENCIES
  pry
  sinatra (~> 3.0)
  sinatra-contrib
  thin (~> 1.8)

RUBY VERSION
   ruby 3.1.2p20

BUNDLED WITH
   2.3.7
